GIT
  remote: git://github.com/maxdemarzi/neography
  revision: 13f7632a7fa28b6c3cef8593505ac89f904f929a
  specs:
    neography (1.1.0)
      httpclient (>= 2.3.3)
      json (>= 1.7.7)
      multi_json (>= 1.3.2)
      os (>= 0.9.6)
      rake (>= 0.8.7)
      rubyzip (>= 0.9.7)

PATH
  remote: .
  specs:
    deja (0.1)
      activemodel (>= 4.0.0)
      activesupport (>= 4.0.0)
      neo4j-cypher
      neography
      oj

GEM
  remote: https://rubygems.org/
  specs:
    activemodel (4.0.0)
      activesupport (= 4.0.0)
      builder (~> 3.1.0)
    activesupport (4.0.0)
      i18n (~> 0.6, >= 0.6.4)
      minitest (~> 4.2)
      multi_json (~> 1.3)
      thread_safe (~> 0.1)
      tzinfo (~> 0.3.37)
    atomic (1.1.10)
    builder (3.1.4)
    coderay (1.0.9)
    diff-lcs (1.2.4)
    factory_girl (4.2.0)
      activesupport (>= 3.0.0)
    httpclient (2.3.3)
    i18n (0.6.4)
    json (1.8.0)
    method_source (0.8.1)
    minitest (4.7.5)
    multi_json (1.7.7)
    neo4j-cypher (1.0.0)
    oj (2.1.4)
    os (0.9.6)
    pry (0.9.12.2)
      coderay (~> 1.0.5)
      method_source (~> 0.8)
      slop (~> 3.4)
    rake (10.1.0)
    rspec (2.13.0)
      rspec-core (~> 2.13.0)
      rspec-expectations (~> 2.13.0)
      rspec-mocks (~> 2.13.0)
    rspec-core (2.13.1)
    rspec-expectations (2.13.0)
      diff-lcs (>= 1.1.3, < 2.0)
    rspec-mocks (2.13.1)
    rubyzip (0.9.9)
    slop (3.4.5)
    thread_safe (0.1.0)
      atomic
    tzinfo (0.3.37)

PLATFORMS
  ruby

DEPENDENCIES
  deja!
  factory_girl
  neography!
  pry
  rspec (~> 2.13.0)
