PATH
  remote: .
  specs:
    deja (0.1)
      activemodel (~> 4.0.0)
      activesupport (~> 4.0.0)
      neo4j-cypher (~> 1.0.3)
      neography (~> 1.1.3)
      oj (~> 2.1.4)

GEM
  remote: https://rubygems.org/
  specs:
    activemodel (4.0.3)
      activesupport (= 4.0.3)
      builder (~> 3.1.0)
    activesupport (4.0.3)
      i18n (~> 0.6, >= 0.6.4)
      minitest (~> 4.2)
      multi_json (~> 1.3)
      thread_safe (~> 0.1)
      tzinfo (~> 0.3.37)
    atomic (1.1.15)
    builder (3.1.4)
    ci_reporter (1.9.1)
      builder (>= 2.1.2)
    coderay (1.1.0)
    diff-lcs (1.2.5)
    factory_girl (4.4.0)
      activesupport (>= 3.0.0)
    ffi (1.9.3)
    formatador (0.2.4)
    guard (1.8.3)
      formatador (>= 0.2.4)
      listen (~> 1.3)
      lumberjack (>= 1.0.2)
      pry (>= 0.9.10)
      thor (>= 0.14.6)
    guard-rspec (3.0.3)
      guard (>= 1.8)
      rspec (~> 2.13)
    httpclient (2.3.4.1)
    i18n (0.6.9)
    json (1.8.1)
    listen (1.3.1)
      rb-fsevent (>= 0.9.3)
      rb-inotify (>= 0.9)
      rb-kqueue (>= 0.2)
    lumberjack (1.0.4)
    method_source (0.8.2)
    minitest (4.7.5)
    multi_json (1.8.4)
    neo4j-cypher (1.0.3)
    neography (1.1.4)
      httpclient (>= 2.3.3)
      json (>= 1.7.7)
      multi_json (>= 1.3.2)
      os (>= 0.9.6)
      rake (>= 0.8.7)
      rubyzip (~> 0.9.7)
    oj (2.1.7)
    os (0.9.6)
    pry (0.9.12.6)
      coderay (~> 1.0)
      method_source (~> 0.8)
      slop (~> 3.4)
    rake (10.1.1)
    rb-fsevent (0.9.4)
    rb-inotify (0.9.3)
      ffi (>= 0.5.0)
    rb-kqueue (0.2.2)
      ffi (>= 0.5.0)
    rspec (2.13.0)
      rspec-core (~> 2.13.0)
      rspec-expectations (~> 2.13.0)
      rspec-mocks (~> 2.13.0)
    rspec-core (2.13.1)
    rspec-expectations (2.13.0)
      diff-lcs (>= 1.1.3, < 2.0)
    rspec-mocks (2.13.1)
    rubyzip (0.9.9)
    slop (3.4.7)
    thor (0.18.1)
    thread_safe (0.2.0)
      atomic (>= 1.1.7, < 2)
    timecop (0.7.1)
    tzinfo (0.3.38)

PLATFORMS
  ruby

DEPENDENCIES
  ci_reporter
  deja!
  factory_girl
  guard (~> 1.8.3)
  guard-rspec (~> 3.0.3)
  neography (~> 1.1.3)
  pry
  rspec (~> 2.13.0)
  timecop
