GIT
  remote: https://github.com/andreasronge/neo4j-cypher.git
  revision: 36766b29714b623c7df24d6a682ba1628e3bf169
  specs:
    neo4j-cypher (1.0.1)

PATH
  remote: .
  specs:
    deja (0.1)
      activemodel (~> 4.0.0)
      activesupport (~> 4.0.0)
      neo4j-cypher (~> 1.0.1)
      neography (~> 1.1.3)
      oj (~> 2.1.4)

GEM
  remote: https://rubygems.org/
  specs:
    activemodel (4.0.0)
      activesupport (= 4.0.0)
      builder (~> 3.1.0)
    activesupport (4.0.0)
      i18n (~> 0.6, >= 0.6.4)
      minitest (~> 4.2)
      multi_json (~> 1.3)
      thread_safe (~> 0.1)
      tzinfo (~> 0.3.37)
    atomic (1.1.14)
    builder (3.1.4)
    coderay (1.0.9)
    diff-lcs (1.2.4)
    factory_girl (4.2.0)
      activesupport (>= 3.0.0)
    httpclient (2.3.4.1)
    i18n (0.6.5)
    json (1.8.1)
    method_source (0.8.2)
    minitest (4.7.5)
    multi_json (1.8.2)
    neography (1.1.4)
      httpclient (>= 2.3.3)
      json (>= 1.7.7)
      multi_json (>= 1.3.2)
      os (>= 0.9.6)
      rake (>= 0.8.7)
      rubyzip (~> 0.9.7)
    oj (2.1.7)
    os (0.9.6)
    pry (0.9.12.2)
      coderay (~> 1.0.5)
      method_source (~> 0.8)
      slop (~> 3.4)
    rake (10.1.0)
    rspec (2.13.0)
      rspec-core (~> 2.13.0)
      rspec-expectations (~> 2.13.0)
      rspec-mocks (~> 2.13.0)
    rspec-core (2.13.1)
    rspec-expectations (2.13.0)
      diff-lcs (>= 1.1.3, < 2.0)
    rspec-mocks (2.13.1)
    rubyzip (0.9.9)
    slop (3.4.6)
    thread_safe (0.1.3)
      atomic
    tzinfo (0.3.38)

PLATFORMS
  ruby

DEPENDENCIES
  deja!
  factory_girl
  neo4j-cypher!
  neography (~> 1.1.3)
  pry
  rspec (~> 2.13.0)
