PATH
  remote: .
  specs:
    deja (0.1)
      activemodel
      activesupport
      neo4j-cypher
      neography

GEM
  remote: https://rubygems.org/
  specs:
    activemodel (3.2.13)
      activesupport (= 3.2.13)
      builder (~> 3.0.0)
    activesupport (3.2.13)
      i18n (= 0.6.1)
      multi_json (~> 1.0)
    builder (3.0.4)
    diff-lcs (1.2.4)
    httpclient (2.3.3)
    i18n (0.6.1)
    json (1.8.0)
    multi_json (1.7.3)
    neo4j-cypher (1.0.0)
    neography (1.0.10)
      httpclient (>= 2.3.3)
      json (>= 1.7.7)
      multi_json (>= 1.3.2)
      os (>= 0.9.6)
      rake (>= 0.8.7)
      rubyzip (>= 0.9.7)
    os (0.9.6)
    rake (0.9.6)
    rspec (2.13.0)
      rspec-core (~> 2.13.0)
      rspec-expectations (~> 2.13.0)
      rspec-mocks (~> 2.13.0)
    rspec-core (2.13.1)
    rspec-expectations (2.13.0)
      diff-lcs (>= 1.1.3, < 2.0)
    rspec-mocks (2.13.1)
    rubyzip (0.9.9)

PLATFORMS
  ruby

DEPENDENCIES
  deja!
  rspec (~> 2.13.0)
